GEM
  remote: http://rubygems.org/
  specs:
    mini_portile2 (2.1.0)
    nokogiri (1.6.8.1-x86-mingw32)
      mini_portile2 (~> 2.1.0)
    odf-report (0.5.1)
      nokogiri (>= 1.5.0)
      rubyzip (~> 1.1.0)
    rubyzip (1.1.7)

PLATFORMS
  x86-mingw32

DEPENDENCIES
  odf-report

BUNDLED WITH
   1.13.6
